PATH
  remote: .
  specs:
    user_agent_parser (0.1.1)
      useragent_parser

GEM
  remote: https://rubygems.org/
  specs:
    diff-lcs (1.2.5)
    rspec (3.4.0)
      rspec-core (~> 3.4.0)
      rspec-expectations (~> 3.4.0)
      rspec-mocks (~> 3.4.0)
    rspec-core (3.4.1)
      rspec-support (~> 3.4.0)
    rspec-expectations (3.4.0)
      diff-lcs (>= 1.2.0, < 2.0)
      rspec-support (~> 3.4.0)
    rspec-mocks (3.4.0)
      diff-lcs (>= 1.2.0, < 2.0)
      rspec-support (~> 3.4.0)
    rspec-support (3.4.1)
    useragent_parser (0.2.3)

PLATFORMS
  ruby

DEPENDENCIES
  rspec (~> 3.4)
  user_agent_parser!

BUNDLED WITH
   1.10.6
